GIT
  remote: https://github.com/refile/refile.git
  revision: 25c9e58a97e9f56f6a0a9a9fe190be160d2e0ad8
  ref: 25c9e58a97e9f56f6a0a9a9fe190be160d2e0ad8
  specs:
    refile (0.5.3)
      mime-types
      rest-client (~> 1.7.2)
      sinatra (~> 1.4.5)

PATH
  remote: .
  specs:
    jobmensa_assets (0.4.0)
      aws-sdk (>= 1.55, < 2)
      degu
      mini_magick
      rack
      refile
      sinatra

GEM
  remote: https://rubygems.org/
  specs:
    activemodel (4.2.1)
      activesupport (= 4.2.1)
      builder (~> 3.1)
    activerecord (4.2.1)
      activemodel (= 4.2.1)
      activesupport (= 4.2.1)
      arel (~> 6.0)
    activesupport (4.2.1)
      i18n (~> 0.7)
      json (~> 1.7, >= 1.7.7)
      minitest (~> 5.1)
      thread_safe (~> 0.3, >= 0.3.4)
      tzinfo (~> 1.1)
    arel (6.0.0)
    aws-sdk (1.64.0)
      aws-sdk-v1 (= 1.64.0)
    aws-sdk-v1 (1.64.0)
      json (~> 1.4)
      nokogiri (>= 1.4.4)
    builder (3.2.2)
    degu (0.6.0)
      activerecord (>= 3.0, < 5.0)
    diff-lcs (1.2.5)
    i18n (0.7.0)
    json (1.8.2)
    kgio (2.9.3)
    le (2.6.2)
    mime-types (2.5)
    mini_magick (4.2.3)
    mini_portile (0.6.2)
    minitest (5.6.1)
    multi_json (1.11.0)
    netrc (0.10.3)
    newrelic_rpm (3.11.2.286)
    nokogiri (1.6.6.2)
      mini_portile (~> 0.6.0)
    rack (1.6.0)
    rack-protection (1.5.3)
      rack
    raindrops (0.13.0)
    rake (10.4.2)
    rest-client (1.7.3)
      mime-types (>= 1.16, < 3.0)
      netrc (~> 0.7)
    rollbar (1.5.1)
      multi_json (~> 1.3)
    rspec (3.2.0)
      rspec-core (~> 3.2.0)
      rspec-expectations (~> 3.2.0)
      rspec-mocks (~> 3.2.0)
    rspec-core (3.2.3)
      rspec-support (~> 3.2.0)
    rspec-expectations (3.2.1)
      diff-lcs (>= 1.2.0, < 2.0)
      rspec-support (~> 3.2.0)
    rspec-mocks (3.2.1)
      diff-lcs (>= 1.2.0, < 2.0)
      rspec-support (~> 3.2.0)
    rspec-support (3.2.2)
    sinatra (1.4.6)
      rack (~> 1.4)
      rack-protection (~> 1.4)
      tilt (>= 1.3, < 3)
    thread_safe (0.3.5)
    tilt (2.0.1)
    tzinfo (1.2.2)
      thread_safe (~> 0.1)
    unicorn (4.9.0)
      kgio (~> 2.6)
      rack
      raindrops (~> 0.7)

PLATFORMS
  ruby

DEPENDENCIES
  bundler (~> 1.7)
  jobmensa_assets!
  le
  newrelic_rpm
  rake
  refile!
  rollbar
  rspec
  unicorn
